GEM
  remote: http://rubygems.org/
  specs:
    activesupport (3.2.22.5)
      i18n (~> 0.6, >= 0.6.4)
      multi_json (~> 1.0)
    addressable (2.5.2)
      public_suffix (>= 2.0.2, < 4.0)
    chunky_png (1.2.1)
    compass (0.11.5)
      chunky_png (~> 1.2)
      fssm (>= 0.2.7)
      sass (~> 3.1)
    concurrent-ruby (1.0.5)
    css_parser (1.2.5)
      addressable
    excon (0.62.0)
    font-stacks (0.1.4)
      compass (>= 0.11.5)
    fssm (0.2.7)
    grid-coordinates (1.2.0)
      compass (>= 0.11.5)
    haml (5.0.4)
      temple (>= 0.8.0)
      tilt
    heroku (3.99.1)
      heroku-api (= 0.4.2)
      launchy (= 2.4.3)
      multi_json (= 1.11.2)
      net-ssh (= 2.9.2)
      net-ssh-gateway (= 1.2.0)
      netrc (= 0.10.3)
      rest-client (= 1.6.8)
      rubyzip (= 1.1.7)
    heroku-api (0.4.2)
      excon (~> 0.45)
      multi_json (~> 1.8)
    i18n (0.9.5)
      concurrent-ruby (~> 1.0)
    launchy (2.4.3)
      addressable (~> 2.3)
    maruku (0.6.0)
      syntax (>= 1.0.0)
    mime-types (1.25.1)
    multi_json (1.11.2)
    net-ssh (2.9.2)
    net-ssh-gateway (1.2.0)
      net-ssh (>= 2.6.5)
    netrc (0.10.3)
    public_suffix (3.0.2)
    rack (1.5.5)
    rack-test (0.6.3)
      rack (>= 1.0)
    rake (0.9.2)
    rdoc (6.0.4)
    rest-client (1.6.8)
      mime-types (~> 1.16)
      rdoc (>= 2.4.2)
    rubyzip (1.1.7)
    sass (3.1.7)
    serve (1.5.2)
      activesupport (~> 3.2.12)
      i18n
      rack (~> 1.5.2)
      rack-test (~> 0.6.2)
      tilt (~> 1.3.3)
      tzinfo
    syntax (1.0.0)
    temple (0.8.0)
    thread_safe (0.3.6)
    tilt (1.3.7)
    tzinfo (1.2.5)
      thread_safe (~> 0.1)

PLATFORMS
  ruby

DEPENDENCIES
  compass (~> 0.11.5)
  css_parser (~> 1.2.5)
  font-stacks
  grid-coordinates
  haml (~> 5.0.0)
  heroku (>= 3.31.0)
  maruku (~> 0.6.0)
  rake
  serve (~> 1.5.1)

BUNDLED WITH
   1.16.1
