GEM
  remote: http://rubygems.org/
  specs:
    activesupport (3.1.0)
      multi_json (~> 1.0)
    addressable (2.5.2)
      public_suffix (>= 2.0.2, < 4.0)
    chunky_png (1.2.1)
    compass (0.11.5)
      chunky_png (~> 1.2)
      fssm (>= 0.2.7)
      sass (~> 3.1)
    css_parser (1.2.5)
      addressable
    font-stacks (0.1.4)
      compass (>= 0.11.5)
    fssm (0.2.7)
    grid-coordinates (1.2.0)
      compass (>= 0.11.5)
    haml (3.1.3)
    heroku (3.99.4)
    i18n (0.6.0)
    maruku (0.6.0)
      syntax (>= 1.0.0)
    multi_json (1.0.3)
    public_suffix (3.0.3)
    rack (1.3.2)
    rack-test (0.6.1)
      rack (>= 1.0)
    rake (0.9.2)
    sass (3.1.7)
    serve (1.5.1)
      activesupport (~> 3.0)
      i18n
      rack (~> 1.2)
      rack-test (~> 0.5)
      tilt (~> 1.3)
      tzinfo
    syntax (1.0.0)
    tilt (1.3.3)
    tzinfo (0.3.29)

PLATFORMS
  ruby

DEPENDENCIES
  compass (~> 0.11.5)
  css_parser (~> 1.2.5)
  font-stacks
  grid-coordinates
  haml (~> 3.1.3)
  heroku (>= 3.99.4)
  maruku (~> 0.6.0)
  rake
  serve (~> 1.5.1)

BUNDLED WITH
   1.16.5
